GEM
  remote: https://rubygems.org/
  specs:
    json (2.0.2)
    rack (1.6.4)
    rack-protection (1.5.3)
      rack
    ruby_http_client (3.0.0)
    sendgrid-ruby (4.0.4)
      ruby_http_client (~> 3.0.0)
    sinatra (1.4.7)
      rack (~> 1.5)
      rack-protection (~> 1.4)
      tilt (>= 1.3, < 3)
    sinatra-cross_origin (0.3.2)
    tilt (2.0.5)

PLATFORMS
  ruby

DEPENDENCIES
  json (~> 2.0, >= 2.0.2)
  sendgrid-ruby
  sinatra (= 1.4.7)
  sinatra-cross_origin (~> 0.3.1)

BUNDLED WITH
   1.14.4
